PATH
  remote: .
  specs:
    rack-s3 (0.0.4)
      aws-s3
      rack

GEM
  remote: http://rubygems.org/
  specs:
    addressable (2.2.3)
    aws-s3 (0.6.2)
      builder
      mime-types
      xml-simple
    builder (3.0.0)
    crack (0.1.8)
    mime-types (1.16)
    mustache (0.12.0)
    pygmentize (0.0.2)
    rack (1.2.1)
    rdiscount (1.6.8)
    rocco (0.5)
      mustache
      rdiscount
    shoulda (2.11.3)
    vcr (1.5.1)
    webmock (1.6.2)
      addressable (>= 2.2.2)
      crack (>= 0.1.7)
    xml-simple (1.0.14)

PLATFORMS
  ruby

DEPENDENCIES
  pygmentize
  rack-s3!
  rocco
  shoulda
  vcr
  webmock
