PATH
  remote: .
  specs:
    rack-s3 (0.0.1)
      aws-s3
      rack

GEM
  remote: http://rubygems.org/
  specs:
    aws-s3 (0.6.2)
      builder
      mime-types
      xml-simple
    builder (3.0.0)
    mime-types (1.16)
    rack (1.2.1)
    xml-simple (1.0.13)

PLATFORMS
  ruby

DEPENDENCIES
  rack-s3!
